GEM
  remote: https://rubygems.org/
  specs:
    dragonfly (1.0.3)
      multi_json (~> 1.0)
      rack
    multi_json (1.8.4)
    rack (1.5.2)
    rack-protection (1.5.2)
      rack
    sinatra (1.4.4)
      rack (~> 1.4)
      rack-protection (~> 1.4)
      tilt (~> 1.3, >= 1.3.4)
    tilt (1.4.1)

PLATFORMS
  ruby

DEPENDENCIES
  dragonfly
  sinatra
